GEM
  remote: https://rubygems.org/
  specs:
    addressable (2.7.0)
      public_suffix (>= 2.0.2, < 5.0)
    coderay (1.1.3)
    css_parser (1.7.1)
      addressable
    date (2.0.0)
    did_you_mean (1.4.0)
    diff-lcs (1.4.4)
    etc (1.1.0)
    fileutils (1.4.1)
    method_source (1.0.0)
    mini_portile2 (2.4.0)
    nokogiri (1.10.10)
      mini_portile2 (~> 2.4.0)
    pry (0.13.1)
      coderay (~> 1.1)
      method_source (~> 1.0)
    public_suffix (4.0.5)
    rspec (3.9.0)
      rspec-core (~> 3.9.0)
      rspec-expectations (~> 3.9.0)
      rspec-mocks (~> 3.9.0)
    rspec-core (3.9.2)
      rspec-support (~> 3.9.3)
    rspec-expectations (3.9.2)
      diff-lcs (>= 1.2.0, < 2.0)
      rspec-support (~> 3.9.0)
    rspec-mocks (3.9.1)
      diff-lcs (>= 1.2.0, < 2.0)
      rspec-support (~> 3.9.0)
    rspec-support (3.9.3)
    stringio (0.0.2)
    strscan (1.0.3)
    zlib (1.1.0)

PLATFORMS
  ruby

DEPENDENCIES
  css_parser
  date (~> 2.0)
  did_you_mean (~> 1.4)
  etc (~> 1.0, >= 1.0.1)
  fileutils (~> 1.1)
  nokogiri
  pry
  rspec
  stringio (~> 0.0.2)
  strscan (~> 1.0)
  zlib (~> 1.0)

BUNDLED WITH
   2.1.4
